FRAMEWORK: >= NET45
NUGET
  remote: https://www.nuget.org/api/v2
    Aether (8.1.2)
    Anat (1.0)
    FAKE (4.48)
    FParsec (1.0.2)
    Freya (3.0.0-rc01)
      Freya.Machines.Http (>= 3.0.0-rc < 3.1.0-rc)
      Freya.Machines.Http.Cors (>= 3.0.0-rc < 3.1.0-rc)
      Freya.Machines.Http.Patch (>= 3.0.0-rc < 3.1.0-rc)
      Freya.Routers.Uri.Template (>= 3.0.0-rc < 3.1.0-rc)
    Freya.Core (3.0.0-rc07)
      Aether (>= 8.1 < 9.0)
    Freya.Machines (3.0.0-rc03)
      Aether (>= 8.1 < 9.0)
      Freya.Core (>= 3.0.0-rc < 3.1.0-rc)
      Hephaestus (>= 5.0 < 6.0)
    Freya.Machines.Http (3.0.0-rc05)
      Aether (>= 8.1 < 9.0)
      Freya.Core (>= 3.0.0-rc < 3.1.0-rc)
      Freya.Machines (>= 3.0.0-rc03)
      Freya.Optics.Http (>= 3.0.0-rc < 3.1.0-rc)
      Freya.Types.Http (>= 3.0.0-rc < 3.1.0-rc)
      Freya.Types.Language (>= 3.0.0-rc < 3.1.0-rc)
      Hephaestus (>= 5.0 < 6.0)
    Freya.Machines.Http.Cors (3.0.0-rc02)
      Aether (>= 8.1 < 9.0)
      Freya.Core (>= 3.0.0-rc < 3.1.0-rc)
      Freya.Machines (>= 3.0.0-rc03)
      Freya.Machines.Http (>= 3.0.0-rc05)
      Freya.Optics.Http (>= 3.0.0-rc < 3.1.0-rc)
      Freya.Optics.Http.Cors (>= 3.0.0-rc < 3.1.0-rc)
      Freya.Types.Http (>= 3.0.0-rc < 3.1.0-rc)
      Freya.Types.Http.Cors (>= 3.0.0-rc < 3.1.0-rc)
      Hephaestus (>= 5.0 < 6.0)
    Freya.Machines.Http.Patch (3.0.0-rc02)
      Aether (>= 8.1 < 9.0)
      Freya.Core (>= 3.0.0-rc < 3.1.0-rc)
      Freya.Machines (>= 3.0.0-rc03)
      Freya.Machines.Http (>= 3.0.0-rc05)
      Freya.Optics.Http (>= 3.0.0-rc < 3.1.0-rc)
      Freya.Optics.Http.Patch (>= 3.0.0-rc < 3.1.0-rc)
      Freya.Types.Http (>= 3.0.0-rc < 3.1.0-rc)
      Freya.Types.Http.Patch (>= 3.0.0-rc < 3.1.0-rc)
      Hephaestus (>= 5.0 < 6.0)
    Freya.Optics (3.0.0-rc02)
      Aether (>= 8.1 < 9.0)
    Freya.Optics.Http (3.0.0-rc02)
      Aether (>= 8.1 < 9.0)
      Freya.Core (>= 3.0.0-rc < 3.1.0-rc)
      Freya.Optics (>= 3.0.0-rc02)
      Freya.Types.Http (>= 3.0.0-rc < 3.1.0-rc)
      Freya.Types.Uri (>= 3.0.0-rc < 3.1.0-rc)
    Freya.Optics.Http.Cors (3.0.0-rc02)
      Aether (>= 8.1 < 9.0)
      Freya.Core (>= 3.0.0-rc < 3.1.0-rc)
      Freya.Optics (>= 3.0.0-rc02)
      Freya.Optics.Http (>= 3.0.0-rc02)
      Freya.Types.Http.Cors (>= 3.0.0-rc < 3.1.0-rc)
    Freya.Optics.Http.Patch (3.0.0-rc02)
      Aether (>= 8.1 < 9.0)
      Freya.Core (>= 3.0.0-rc < 3.1.0-rc)
      Freya.Optics (>= 3.0.0-rc02)
      Freya.Optics.Http (>= 3.0.0-rc02)
      Freya.Types.Http.Patch (>= 3.0.0-rc < 3.1.0-rc)
    Freya.Polyfills (3.0.0-rc02)
      Freya.Core (>= 3.0.0-rc < 3.1.0-rc)
    Freya.Polyfills.Kestrel (3.0.0-rc02)
      Freya.Core (>= 3.0.0-rc < 3.1.0-rc)
      Freya.Polyfills (>= 3.0.0-rc02)
      Microsoft.AspNetCore.Http (>= 1.0.0-rc < 1.1.0-rc)
    Freya.Routers (3.0.0-rc03)
      Aether (>= 8.1 < 9.0)
    Freya.Routers.Uri.Template (3.0.0-rc05)
      Aether (>= 8.1 < 9.0)
      Anat (>= 1.0 < 2.0)
      Freya.Core (>= 3.0.0-rc < 3.1.0-rc)
      Freya.Optics.Http (>= 3.0.0-rc < 3.1.0-rc)
      Freya.Polyfills (>= 3.0.0-rc < 3.1.0-rc)
      Freya.Routers (>= 3.0.0-rc03)
      Freya.Types.Http (>= 3.0.0-rc < 3.1.0-rc)
      Freya.Types.Uri (>= 3.0.0-rc < 3.1.0-rc)
      Freya.Types.Uri.Template (>= 3.0.0-rc < 3.1.0-rc)
    Freya.Types (3.0.0-rc01)
      FParsec (>= 1.0 < 2.0)
    Freya.Types.Http (3.0.0-rc01)
      FParsec (>= 1.0 < 2.0)
      Freya.Types (>= 3.0.0-rc01)
      Freya.Types.Language (>= 3.0.0-rc01)
      Freya.Types.Uri (>= 3.0.0-rc01)
    Freya.Types.Http.Cors (3.0.0-rc01)
      FParsec (>= 1.0 < 2.0)
      Freya.Types (>= 3.0.0-rc01)
      Freya.Types.Http (>= 3.0.0-rc01)
      Freya.Types.Language (>= 3.0.0-rc01)
      Freya.Types.Uri (>= 3.0.0-rc01)
    Freya.Types.Http.Patch (3.0.0-rc01)
      FParsec (>= 1.0 < 2.0)
      Freya.Types (>= 3.0.0-rc01)
      Freya.Types.Http (>= 3.0.0-rc01)
      Freya.Types.Language (>= 3.0.0-rc01)
      Freya.Types.Uri (>= 3.0.0-rc01)
    Freya.Types.Language (3.0.0-rc01)
      FParsec (>= 1.0 < 2.0)
      Freya.Types (>= 3.0.0-rc01)
    Freya.Types.Uri (3.0.0-rc01)
      FParsec (>= 1.0 < 2.0)
      Freya.Types (>= 3.0.0-rc01)
    Freya.Types.Uri.Template (3.0.0-rc03)
      FParsec (>= 1.0 < 2.0)
      Freya.Types (>= 3.0.0-rc01)
      Freya.Types.Uri (>= 3.0.0-rc01)
    FSharp.Core (4.0.0.1)
    Hekate (3.2)
      Aether (>= 8.0.2 < 9.0)
    Hephaestus (5.0)
      Aether (>= 8.1 < 9.0)
      Anat (>= 1.0 < 2.0)
      Hekate (>= 3.2 < 4.0)
    Libuv (1.9.1)
    Microsoft.AspNet.WebApi.Client (5.2.3)
      Newtonsoft.Json (>= 6.0.4)
    Microsoft.AspNet.WebApi.Core (5.2.3)
      Microsoft.AspNet.WebApi.Client (>= 5.2.3)
    Microsoft.AspNet.WebApi.Owin (5.2.3)
      Microsoft.AspNet.WebApi.Core (>= 5.2.3 < 5.3)
      Microsoft.Owin (>= 2.0.2)
      Owin (>= 1.0)
    Microsoft.AspNet.WebApi.OwinSelfHost (5.2.3)
      Microsoft.AspNet.WebApi.Owin (>= 5.2.3 < 5.3)
      Microsoft.Owin.Host.HttpListener (>= 2.0.2)
      Microsoft.Owin.Hosting (>= 2.0.2)
    Microsoft.AspNetCore.Hosting (1.1) - framework: >= net451
      Microsoft.AspNetCore.Hosting.Abstractions (>= 1.1) - framework: >= net451
      Microsoft.AspNetCore.Hosting.Server.Abstractions (>= 1.1) - framework: >= net451
      Microsoft.AspNetCore.Http (>= 1.1) - framework: >= net451
      Microsoft.AspNetCore.Http.Extensions (>= 1.1) - framework: >= net451
      Microsoft.Extensions.Configuration (>= 1.1) - framework: >= net451
      Microsoft.Extensions.Configuration.EnvironmentVariables (>= 1.1) - framework: >= net451
      Microsoft.Extensions.DependencyInjection (>= 1.1) - framework: >= net451
      Microsoft.Extensions.FileProviders.Physical (>= 1.1) - framework: >= net451
      Microsoft.Extensions.Logging (>= 1.1) - framework: >= net451
      Microsoft.Extensions.Options (>= 1.1) - framework: >= net451
      Microsoft.Extensions.PlatformAbstractions (>= 1.1) - framework: >= net451
      NETStandard.Library (>= 1.6.1) - framework: >= net451
      System.Diagnostics.DiagnosticSource (>= 4.3) - framework: >= net451
      System.Reflection.Metadata (>= 1.4.1) - framework: >= net451
    Microsoft.AspNetCore.Hosting.Abstractions (1.1) - framework: >= net451
      Microsoft.AspNetCore.Hosting.Server.Abstractions (>= 1.1) - framework: >= net451
      Microsoft.AspNetCore.Http.Abstractions (>= 1.1) - framework: >= net451
      Microsoft.Extensions.Configuration.Abstractions (>= 1.1) - framework: >= net451
      Microsoft.Extensions.DependencyInjection.Abstractions (>= 1.1) - framework: >= net451
      Microsoft.Extensions.FileProviders.Abstractions (>= 1.1) - framework: >= net451
      Microsoft.Extensions.Logging.Abstractions (>= 1.1) - framework: >= net451
      NETStandard.Library (>= 1.6.1) - framework: >= net451
    Microsoft.AspNetCore.Hosting.Server.Abstractions (1.1)
      Microsoft.AspNetCore.Http.Features (>= 1.1) - framework: >= net451
      Microsoft.Extensions.Configuration.Abstractions (>= 1.1) - framework: >= net451
      NETStandard.Library (>= 1.6.1) - framework: >= net451
    Microsoft.AspNetCore.Http (1.1.0-preview1-final)
      Microsoft.AspNetCore.Http.Abstractions (>= 1.1.0-preview1-final) - framework: >= net451
      Microsoft.AspNetCore.WebUtilities (>= 1.1.0-preview1-final) - framework: >= net451
      Microsoft.Extensions.ObjectPool (>= 1.1.0-preview1-final) - framework: >= net451
      Microsoft.Extensions.Options (>= 1.1.0-preview1-final) - framework: >= net451
      Microsoft.Net.Http.Headers (>= 1.1.0-preview1-final) - framework: >= net451
      NETStandard.Library (>= 1.6.1-preview1-24530-04) - framework: >= net451
      System.Buffers (>= 4.3.0-preview1-24530-04) - framework: >= net451
    Microsoft.AspNetCore.Http.Abstractions (1.1)
      Microsoft.AspNetCore.Http.Features (>= 1.1) - framework: >= net451
      Microsoft.Extensions.Primitives (>= 1.1) - framework: >= net451
      NETStandard.Library (>= 1.6.1) - framework: >= net451
      System.Text.Encodings.Web (>= 4.3) - framework: >= net451
    Microsoft.AspNetCore.Http.Extensions (1.1) - framework: >= net451
      Microsoft.AspNetCore.Http.Abstractions (>= 1.1) - framework: >= net451
      Microsoft.Extensions.FileProviders.Abstractions (>= 1.1) - framework: >= net451
      Microsoft.Net.Http.Headers (>= 1.1) - framework: >= net451
      NETStandard.Library (>= 1.6.1) - framework: >= net451
      System.Buffers (>= 4.3) - framework: >= net451
    Microsoft.AspNetCore.Http.Features (1.1)
      Microsoft.Extensions.Primitives (>= 1.1) - framework: >= net451
      NETStandard.Library (>= 1.6.1) - framework: >= net451
    Microsoft.AspNetCore.Owin (1.1)
      Microsoft.AspNetCore.Http (>= 1.1) - framework: >= net451
      NETStandard.Library (>= 1.6.1) - framework: >= net451
    Microsoft.AspNetCore.Server.Kestrel (1.1)
      Libuv (>= 1.9.1) - framework: >= net451
      Microsoft.AspNetCore.Hosting (>= 1.1) - framework: >= net451
      Microsoft.Extensions.Logging.Abstractions (>= 1.1) - framework: >= net451
      NETStandard.Library (>= 1.6.1) - framework: >= net451
      System.Buffers (>= 4.3) - framework: >= net451
      System.Numerics.Vectors (>= 4.3) - framework: >= net451
      System.Threading.Tasks.Extensions (>= 4.3) - framework: >= net451
    Microsoft.AspNetCore.WebUtilities (1.1) - framework: >= net451
      Microsoft.Extensions.Primitives (>= 1.1) - framework: >= net451
      Microsoft.Net.Http.Headers (>= 1.1) - framework: >= net451
      NETStandard.Library (>= 1.6.1) - framework: >= net451
      System.Buffers (>= 4.3) - framework: >= net451
      System.Text.Encodings.Web (>= 4.3) - framework: >= net451
    Microsoft.Extensions.Configuration (1.1) - framework: >= net451
      Microsoft.Extensions.Configuration.Abstractions (>= 1.1)
      NETStandard.Library (>= 1.6.1)
    Microsoft.Extensions.Configuration.Abstractions (1.1)
    Microsoft.Extensions.Configuration.EnvironmentVariables (1.1) - framework: >= net451
      Microsoft.Extensions.Configuration (>= 1.1) - framework: >= net451
      NETStandard.Library (>= 1.6.1) - framework: >= net451
    Microsoft.Extensions.DependencyInjection (1.1) - framework: >= net451
      Microsoft.Extensions.DependencyInjection.Abstractions (>= 1.1)
      NETStandard.Library (>= 1.6.1)
    Microsoft.Extensions.DependencyInjection.Abstractions (1.1)
    Microsoft.Extensions.FileProviders.Abstractions (1.1)
    Microsoft.Extensions.FileProviders.Physical (1.1) - framework: >= net451
      Microsoft.Extensions.FileProviders.Abstractions (>= 1.1) - framework: >= net451
      Microsoft.Extensions.FileSystemGlobbing (>= 1.1) - framework: >= net451
      NETStandard.Library (>= 1.6.1) - framework: >= net451
    Microsoft.Extensions.FileSystemGlobbing (1.1) - framework: >= net451
      NETStandard.Library (>= 1.6.1)
    Microsoft.Extensions.Logging (1.1) - framework: >= net451
      Microsoft.Extensions.DependencyInjection.Abstractions (>= 1.1)
      Microsoft.Extensions.Logging.Abstractions (>= 1.1)
      NETStandard.Library (>= 1.6.1)
    Microsoft.Extensions.Logging.Abstractions (1.1) - framework: >= net451
      NETStandard.Library (>= 1.6.1)
    Microsoft.Extensions.ObjectPool (1.1) - framework: >= net451
      NETStandard.Library (>= 1.6.1) - framework: >= net451
    Microsoft.Extensions.Options (1.1)
    Microsoft.Extensions.PlatformAbstractions (1.1) - framework: >= net451
      NETStandard.Library (>= 1.6.1) - framework: >= net451
    Microsoft.Extensions.Primitives (1.1)
    Microsoft.Net.Http.Headers (1.1)
      Microsoft.Extensions.Primitives (>= 1.1)
      NETStandard.Library (>= 1.6.1)
      System.Buffers (>= 4.3)
      System.Diagnostics.Contracts (>= 4.3)
    Microsoft.Owin (3.0.1)
      Owin (>= 1.0)
    Microsoft.Owin.Host.HttpListener (3.0.1)
    Microsoft.Owin.Hosting (3.0.1)
      Microsoft.Owin (>= 3.0.1)
      Owin (>= 1.0)
    Microsoft.Win32.Primitives (4.3) - framework: >= net46
    Nancy (1.4.3)
    Nancy.Owin (1.4.1)
      Nancy (>= 1.4.1)
      Owin (>= 1.0)
    NETStandard.Library (1.6.1)
      Microsoft.Win32.Primitives (>= 4.3) - framework: >= net46
      System.AppContext (>= 4.3) - framework: >= net46
      System.Collections.Concurrent (>= 4.3)
      System.Console (>= 4.3) - framework: >= net46
      System.Diagnostics.Tracing (>= 4.3)
      System.Globalization.Calendars (>= 4.3) - framework: >= net46
      System.IO.Compression (>= 4.3)
      System.IO.Compression.ZipFile (>= 4.3) - framework: >= net46
      System.IO.FileSystem (>= 4.3) - framework: >= net46
      System.IO.FileSystem.Primitives (>= 4.3) - framework: >= net46
      System.Net.Http (>= 4.3)
      System.Net.Sockets (>= 4.3) - framework: >= net46
      System.Runtime.Handles (>= 4.3) - framework: >= net46
      System.Runtime.InteropServices (>= 4.3)
      System.Runtime.InteropServices.RuntimeInformation (>= 4.3)
      System.Runtime.Numerics (>= 4.3)
      System.Security.Cryptography.Algorithms (>= 4.3) - framework: >= net46
      System.Security.Cryptography.Encoding (>= 4.3) - framework: >= net46
      System.Security.Cryptography.Primitives (>= 4.3) - framework: >= net46
      System.Security.Cryptography.X509Certificates (>= 4.3) - framework: >= net46
      System.Threading.Timer (>= 4.3) - framework: >= net451
    Newtonsoft.Json (9.0.1)
    Nowin (0.25)
    Owin (1.0)
    Suave (2.0)
      FSharp.Core (>= 4.0.0.1)
    System.AppContext (4.3) - framework: >= net46
    System.Buffers (4.3)
    System.Collections.Concurrent (4.3)
    System.Collections.Immutable (1.3.1) - framework: >= net451
    System.Console (4.3) - framework: >= net46
    System.Diagnostics.Contracts (4.3)
    System.Diagnostics.DiagnosticSource (4.3)
    System.Diagnostics.Tracing (4.3)
    System.Globalization.Calendars (4.3) - framework: >= net46
    System.IO (4.3) - framework: >= net463
    System.IO.Compression (4.3)
    System.IO.Compression.ZipFile (4.3) - framework: >= net46
    System.IO.FileSystem (4.3) - framework: >= net46
      System.IO.FileSystem.Primitives (>= 4.3) - framework: >= net46
    System.IO.FileSystem.Primitives (4.3)
    System.Net.Http (4.3)
      System.Diagnostics.DiagnosticSource (>= 4.3) - framework: >= net46
      System.Security.Cryptography.X509Certificates (>= 4.3) - framework: >= net46
    System.Net.Sockets (4.3) - framework: >= net46
    System.Numerics.Vectors (4.3) - framework: >= net451
    System.Reflection.Metadata (1.4.2) - framework: >= net451
      System.Collections.Immutable (>= 1.3.1)
    System.Runtime (4.3)
    System.Runtime.Handles (4.3) - framework: >= net46
    System.Runtime.InteropServices (4.3)
      System.Runtime (>= 4.3) - framework: >= net462
    System.Runtime.InteropServices.RuntimeInformation (4.3)
    System.Runtime.Numerics (4.3)
    System.Security.Cryptography.Algorithms (4.3) - framework: >= net46
      System.IO (>= 4.3) - framework: >= net463
      System.Runtime (>= 4.3) - framework: >= net463
      System.Security.Cryptography.Encoding (>= 4.3) - framework: >= net463
      System.Security.Cryptography.Primitives (>= 4.3) - framework: net46, net461, >= net463
    System.Security.Cryptography.Encoding (4.3)
    System.Security.Cryptography.Primitives (4.3)
    System.Security.Cryptography.X509Certificates (4.3)
      System.Security.Cryptography.Algorithms (>= 4.3) - framework: >= net46
      System.Security.Cryptography.Encoding (>= 4.3) - framework: >= net46
    System.Text.Encodings.Web (4.3)
    System.Threading.Tasks.Extensions (4.3) - framework: >= net451
    System.Threading.Timer (4.3) - framework: >= net451

GROUP Build
NUGET
  remote: https://www.nuget.org/api/v2
    Deedle (1.2.5)
    Deedle.RPlugin (1.2.5)
      Deedle (>= 1.2.5)
      R.NET.Community (>= 1.6.4)
      R.NET.Community.FSharp (>= 1.6.4)
      RProvider (>= 1.1.13)
    DynamicInterop (0.7.4)
    FAKE (4.48)
    FSharp.Charting (0.90.14)
    FSharp.Compiler.Service (2.0.0.6)
    FSharp.Core (4.0.0.1)
    FSharp.Data (2.3.2)
      Zlib.Portable (>= 1.11) - framework: >= netstandard11, portable-net45+sl5+win8, portable-net45+win8, portable-net45+win8+wp8+wpa81
    FSharp.Formatting (2.14.4)
      FSharp.Compiler.Service (2.0.0.6)
      FSharpVSPowerTools.Core (>= 2.3 < 2.4)
    FSharpVSPowerTools.Core (2.3)
      FSharp.Compiler.Service (>= 2.0.0.3)
    FsLab (1.0.2)
      Deedle (1.2.5)
      Deedle.RPlugin (1.2.5)
      DynamicInterop (0.7.4)
      FSharp.Charting (0.90.14)
      FSharp.Data (2.3.2)
      Google.DataTable.Net.Wrapper (3.1.2)
      MathNet.Numerics (3.13.1)
      MathNet.Numerics.FSharp (3.13.1)
      Newtonsoft.Json (9.0.1)
      R.NET.Community (1.6.5)
      R.NET.Community.FSharp (1.6.5)
      RProvider (1.1.20)
      Suave (1.1.3)
      XPlot.GoogleCharts (1.4.2)
      XPlot.GoogleCharts.Deedle (1.4.2)
      XPlot.Plotly (1.4.2)
    Google.DataTable.Net.Wrapper (3.1.2)
    MathNet.Numerics (3.13.1)
      TaskParallelLibrary (>= 1.0.2856) - framework: net35
    MathNet.Numerics.FSharp (3.13.1)
      FSharp.Core (>= 3.1.2.5)
      MathNet.Numerics (3.13.1)
    Microsoft.CSharp (4.3) - framework: >= netstandard10
      System.Collections (>= 4.3) - framework: dnxcore50, >= netstandard13
      System.Diagnostics.Debug (>= 4.3) - framework: dnxcore50, >= netstandard13
      System.Dynamic.Runtime (>= 4.3) - framework: dnxcore50, netstandard10, >= netstandard13
      System.Globalization (>= 4.3) - framework: dnxcore50, >= netstandard13
      System.Linq (>= 4.3) - framework: dnxcore50, >= netstandard13
      System.Linq.Expressions (>= 4.3) - framework: dnxcore50, netstandard10, >= netstandard13
      System.ObjectModel (>= 4.3) - framework: dnxcore50, >= netstandard13
      System.Reflection (>= 4.3) - framework: dnxcore50, >= netstandard13
      System.Reflection.Extensions (>= 4.3) - framework: dnxcore50, >= netstandard13
      System.Reflection.Primitives (>= 4.3) - framework: dnxcore50, >= netstandard13
      System.Reflection.TypeExtensions (>= 4.3) - framework: dnxcore50, >= netstandard13
      System.Resources.ResourceManager (>= 4.3) - framework: dnxcore50, >= netstandard13
      System.Runtime (>= 4.3) - framework: dnxcore50, netstandard10, >= netstandard13
      System.Runtime.Extensions (>= 4.3) - framework: dnxcore50, >= netstandard13
      System.Runtime.InteropServices (>= 4.3) - framework: dnxcore50, >= netstandard13
      System.Threading (>= 4.3) - framework: dnxcore50, >= netstandard13
    Microsoft.NETCore.Platforms (1.1) - framework: >= netstandard10
    Microsoft.NETCore.Targets (1.1) - framework: >= netstandard10
    Newtonsoft.Json (9.0.1)
      Microsoft.CSharp (>= 4.0.1) - framework: >= netstandard10
      System.Collections (>= 4.0.11) - framework: >= netstandard10
      System.Diagnostics.Debug (>= 4.0.11) - framework: >= netstandard10
      System.Dynamic.Runtime (>= 4.0.11) - framework: >= netstandard10
      System.Globalization (>= 4.0.11) - framework: >= netstandard10
      System.IO (>= 4.1) - framework: >= netstandard10
      System.Linq (>= 4.1) - framework: >= netstandard10
      System.Linq.Expressions (>= 4.1) - framework: >= netstandard10
      System.ObjectModel (>= 4.0.12) - framework: >= netstandard10
      System.Reflection (>= 4.1) - framework: >= netstandard10
      System.Reflection.Extensions (>= 4.0.1) - framework: >= netstandard10
      System.Resources.ResourceManager (>= 4.0.1) - framework: >= netstandard10
      System.Runtime (>= 4.1) - framework: >= netstandard10
      System.Runtime.Extensions (>= 4.1) - framework: >= netstandard10
      System.Runtime.Serialization.Primitives (>= 4.1.1) - framework: >= netstandard10
      System.Text.Encoding (>= 4.0.11) - framework: >= netstandard10
      System.Text.Encoding.Extensions (>= 4.0.11) - framework: >= netstandard10
      System.Text.RegularExpressions (>= 4.1) - framework: >= netstandard10
      System.Threading (>= 4.0.11) - framework: >= netstandard10
      System.Threading.Tasks (>= 4.0.11) - framework: >= netstandard10
      System.Xml.ReaderWriter (>= 4.0.11) - framework: >= netstandard10
      System.Xml.XDocument (>= 4.0.11) - framework: >= netstandard10
    R.NET.Community (1.6.5)
      DynamicInterop (0.7.4)
    R.NET.Community.FSharp (1.6.5)
      R.NET.Community (>= 1.6.5)
    RProvider (1.1.20)
      DynamicInterop (0.7.4)
      R.NET.Community (1.6.5)
      R.NET.Community.FSharp (1.6.5)
    SourceLink.Fake (1.1)
    Suave (1.1.3)
      FSharp.Core (>= 3.1.2.5)
    System.Collections (4.3) - framework: >= netstandard10
      Microsoft.NETCore.Platforms (>= 1.1) - framework: dnxcore50, netstandard10, >= netstandard13
      Microsoft.NETCore.Targets (>= 1.1) - framework: dnxcore50, netstandard10, >= netstandard13
      System.Runtime (>= 4.3) - framework: dnxcore50, netstandard10, >= netstandard13
    System.Diagnostics.Debug (4.3) - framework: >= netstandard10
      Microsoft.NETCore.Platforms (>= 1.1) - framework: dnxcore50, netstandard10, >= netstandard13
      Microsoft.NETCore.Targets (>= 1.1) - framework: dnxcore50, netstandard10, >= netstandard13
      System.Runtime (>= 4.3) - framework: dnxcore50, netstandard10, >= netstandard13
    System.Diagnostics.Tools (4.3) - framework: >= netstandard13
      Microsoft.NETCore.Platforms (>= 1.1) - framework: dnxcore50, >= netstandard10
      Microsoft.NETCore.Targets (>= 1.1) - framework: dnxcore50, >= netstandard10
      System.Runtime (>= 4.3) - framework: dnxcore50, >= netstandard10
    System.Dynamic.Runtime (4.3) - framework: >= netstandard10
      System.Collections (>= 4.3) - framework: dnxcore50, >= netstandard13
      System.Diagnostics.Debug (>= 4.3) - framework: dnxcore50, >= netstandard13
      System.Linq (>= 4.3) - framework: dnxcore50, >= netstandard13
      System.Linq.Expressions (>= 4.3) - framework: dnxcore50, netstandard10, >= netstandard13
      System.ObjectModel (>= 4.3) - framework: dnxcore50, netstandard10, >= netstandard13
      System.Reflection (>= 4.3) - framework: dnxcore50, netstandard10, >= netstandard13
      System.Reflection.Emit (>= 4.3) - framework: >= netstandard13
      System.Reflection.Emit.ILGeneration (>= 4.3) - framework: >= netstandard13
      System.Reflection.Primitives (>= 4.3) - framework: >= netstandard13
      System.Reflection.TypeExtensions (>= 4.3) - framework: dnxcore50, >= netstandard13
      System.Resources.ResourceManager (>= 4.3) - framework: dnxcore50, >= netstandard13
      System.Runtime (>= 4.3) - framework: dnxcore50, netstandard10, >= netstandard13
      System.Runtime.Extensions (>= 4.3) - framework: dnxcore50, >= netstandard13
      System.Threading (>= 4.3) - framework: dnxcore50, >= netstandard13
    System.Globalization (4.3) - framework: >= netstandard10
      Microsoft.NETCore.Platforms (>= 1.1) - framework: dnxcore50, netstandard10, >= netstandard13
      Microsoft.NETCore.Targets (>= 1.1) - framework: dnxcore50, netstandard10, >= netstandard13
      System.Runtime (>= 4.3) - framework: dnxcore50, netstandard10, >= netstandard13
    System.IO (4.3) - framework: >= netstandard10
      Microsoft.NETCore.Platforms (>= 1.1) - framework: dnxcore50, netstandard10, netstandard13, >= netstandard15
      Microsoft.NETCore.Targets (>= 1.1) - framework: dnxcore50, netstandard10, netstandard13, >= netstandard15
      System.Runtime (>= 4.3) - framework: dnxcore50, netstandard10, netstandard13, >= netstandard15
      System.Text.Encoding (>= 4.3) - framework: dnxcore50, netstandard10, netstandard13, >= netstandard15
      System.Threading.Tasks (>= 4.3) - framework: dnxcore50, netstandard10, netstandard13, >= netstandard15
    System.IO.FileSystem (4.3) - framework: >= netstandard13
      Microsoft.NETCore.Platforms (>= 1.1) - framework: >= netstandard13
      Microsoft.NETCore.Targets (>= 1.1) - framework: >= netstandard13
      System.IO (>= 4.3) - framework: >= netstandard13
      System.IO.FileSystem.Primitives (>= 4.3) - framework: >= net46, >= netstandard13
      System.Runtime (>= 4.3) - framework: >= netstandard13
      System.Runtime.Handles (>= 4.3) - framework: >= netstandard13
      System.Text.Encoding (>= 4.3) - framework: >= netstandard13
      System.Threading.Tasks (>= 4.3) - framework: >= netstandard13
    System.IO.FileSystem.Primitives (4.3) - framework: >= netstandard13
      System.Runtime (>= 4.3) - framework: >= netstandard13
    System.Linq (4.3) - framework: >= netstandard10
      System.Collections (>= 4.3) - framework: dnxcore50, netstandard10, >= netstandard16
      System.Diagnostics.Debug (>= 4.3) - framework: dnxcore50, >= netstandard16
      System.Resources.ResourceManager (>= 4.3) - framework: dnxcore50, >= netstandard16
      System.Runtime (>= 4.3) - framework: dnxcore50, netstandard10, >= netstandard16
      System.Runtime.Extensions (>= 4.3) - framework: dnxcore50, >= netstandard16
    System.Linq.Expressions (4.3) - framework: >= netstandard10
      System.Collections (>= 4.3) - framework: dnxcore50, >= netstandard16
      System.Diagnostics.Debug (>= 4.3) - framework: dnxcore50, >= netstandard16
      System.Globalization (>= 4.3) - framework: dnxcore50, >= netstandard16
      System.IO (>= 4.3) - framework: dnxcore50, >= netstandard16
      System.Linq (>= 4.3) - framework: dnxcore50, >= netstandard16
      System.ObjectModel (>= 4.3) - framework: >= netstandard16
      System.Reflection (>= 4.3) - framework: dnxcore50, netstandard10, netstandard13, >= netstandard16
      System.Reflection.Emit (>= 4.3) - framework: >= netstandard16
      System.Reflection.Emit.ILGeneration (>= 4.3) - framework: dnxcore50, >= netstandard16
      System.Reflection.Emit.Lightweight (>= 4.3) - framework: dnxcore50, >= netstandard16
      System.Reflection.Extensions (>= 4.3) - framework: dnxcore50, >= netstandard16
      System.Reflection.Primitives (>= 4.3) - framework: dnxcore50, >= netstandard16
      System.Reflection.TypeExtensions (>= 4.3) - framework: dnxcore50, >= netstandard16
      System.Resources.ResourceManager (>= 4.3) - framework: dnxcore50, >= netstandard16
      System.Runtime (>= 4.3) - framework: dnxcore50, netstandard10, netstandard13, >= netstandard16
      System.Runtime.Extensions (>= 4.3) - framework: dnxcore50, >= netstandard16
      System.Threading (>= 4.3) - framework: dnxcore50, >= netstandard16
    System.ObjectModel (4.3) - framework: >= netstandard10
      System.Collections (>= 4.3) - framework: dnxcore50, >= netstandard13
      System.Diagnostics.Debug (>= 4.3) - framework: dnxcore50, >= netstandard13
      System.Resources.ResourceManager (>= 4.3) - framework: dnxcore50, >= netstandard13
      System.Runtime (>= 4.3) - framework: dnxcore50, netstandard10, >= netstandard13
      System.Threading (>= 4.3) - framework: dnxcore50, >= netstandard13
    System.Reflection (4.3) - framework: >= netstandard10
      Microsoft.NETCore.Platforms (>= 1.1) - framework: dnxcore50, netstandard10, netstandard13, >= netstandard15
      Microsoft.NETCore.Targets (>= 1.1) - framework: dnxcore50, netstandard10, netstandard13, >= netstandard15
      System.IO (>= 4.3) - framework: dnxcore50, netstandard10, netstandard13, >= netstandard15
      System.Reflection.Primitives (>= 4.3) - framework: dnxcore50, netstandard10, netstandard13, >= netstandard15
      System.Runtime (>= 4.3) - framework: dnxcore50, netstandard10, netstandard13, >= netstandard15
    System.Reflection.Emit (4.3) - framework: >= netstandard13
      System.IO (>= 4.3) - framework: >= netstandard11
      System.Reflection (>= 4.3) - framework: >= netstandard11
      System.Reflection.Emit.ILGeneration (>= 4.3) - framework: >= netstandard11
      System.Reflection.Primitives (>= 4.3) - framework: >= netstandard11
      System.Runtime (>= 4.3) - framework: >= netstandard11
    System.Reflection.Emit.ILGeneration (4.3) - framework: >= netstandard13
      System.Reflection (>= 4.3) - framework: >= netstandard10
      System.Reflection.Primitives (>= 4.3) - framework: >= netstandard10
      System.Runtime (>= 4.3) - framework: >= netstandard10
    System.Reflection.Emit.Lightweight (4.3) - framework: >= netstandard16
      System.Reflection (>= 4.3) - framework: >= netstandard10
      System.Reflection.Emit.ILGeneration (>= 4.3) - framework: >= netstandard10
      System.Reflection.Primitives (>= 4.3) - framework: >= netstandard10
      System.Runtime (>= 4.3) - framework: >= netstandard10
    System.Reflection.Extensions (4.3) - framework: >= netstandard10
      Microsoft.NETCore.Platforms (>= 1.1) - framework: dnxcore50, >= netstandard10
      Microsoft.NETCore.Targets (>= 1.1) - framework: dnxcore50, >= netstandard10
      System.Reflection (>= 4.3) - framework: dnxcore50, >= netstandard10
      System.Runtime (>= 4.3) - framework: dnxcore50, >= netstandard10
    System.Reflection.Primitives (4.3) - framework: netstandard10, >= netstandard13
      Microsoft.NETCore.Platforms (>= 1.1) - framework: dnxcore50, >= netstandard10
      Microsoft.NETCore.Targets (>= 1.1) - framework: dnxcore50, >= netstandard10
      System.Runtime (>= 4.3) - framework: dnxcore50, >= netstandard10
    System.Reflection.TypeExtensions (4.3) - framework: >= netstandard13
      System.Reflection (>= 4.3) - framework: >= net462, dnxcore50, netstandard13, >= netstandard15
      System.Runtime (>= 4.3) - framework: dnxcore50, netstandard13, >= netstandard15
    System.Resources.ResourceManager (4.3) - framework: >= netstandard10
      Microsoft.NETCore.Platforms (>= 1.1) - framework: dnxcore50, >= netstandard10
      Microsoft.NETCore.Targets (>= 1.1) - framework: dnxcore50, >= netstandard10
      System.Globalization (>= 4.3) - framework: dnxcore50, >= netstandard10
      System.Reflection (>= 4.3) - framework: dnxcore50, >= netstandard10
      System.Runtime (>= 4.3) - framework: dnxcore50, >= netstandard10
    System.Runtime (4.3) - framework: >= netstandard10
      Microsoft.NETCore.Platforms (>= 1.1) - framework: dnxcore50, netstandard10, netstandard12, netstandard13, >= netstandard15
      Microsoft.NETCore.Targets (>= 1.1) - framework: dnxcore50, netstandard10, netstandard12, netstandard13, >= netstandard15
    System.Runtime.Extensions (4.3) - framework: >= netstandard10
      Microsoft.NETCore.Platforms (>= 1.1) - framework: dnxcore50, netstandard10, netstandard13, >= netstandard15
      Microsoft.NETCore.Targets (>= 1.1) - framework: dnxcore50, netstandard10, netstandard13, >= netstandard15
      System.Runtime (>= 4.3) - framework: dnxcore50, netstandard10, netstandard13, >= netstandard15
    System.Runtime.Handles (4.3) - framework: >= netstandard13
      Microsoft.NETCore.Platforms (>= 1.1) - framework: >= netstandard13
      Microsoft.NETCore.Targets (>= 1.1) - framework: >= netstandard13
      System.Runtime (>= 4.3) - framework: >= netstandard13
    System.Runtime.InteropServices (4.3) - framework: >= netstandard13
      Microsoft.NETCore.Platforms (>= 1.1) - framework: dnxcore50, netstandard11, netstandard12, netstandard13, >= netstandard15
      Microsoft.NETCore.Targets (>= 1.1) - framework: dnxcore50, netstandard11, netstandard12, netstandard13, >= netstandard15
      System.Reflection (>= 4.3) - framework: dnxcore50, netstandard11, netstandard12, netstandard13, >= netstandard15
      System.Reflection.Primitives (>= 4.3) - framework: dnxcore50, netstandard11, netstandard12, netstandard13, >= netstandard15
      System.Runtime (>= 4.3) - framework: net462, >= net463, dnxcore50, netstandard11, netstandard12, netstandard13, >= netstandard15
      System.Runtime.Handles (>= 4.3) - framework: dnxcore50, netstandard13, >= netstandard15
    System.Runtime.Serialization.Primitives (4.3) - framework: >= netstandard10
      System.Resources.ResourceManager (>= 4.3) - framework: dnxcore50, >= netstandard13
      System.Runtime (>= 4.3) - framework: dnxcore50, netstandard10, >= netstandard13
    System.Text.Encoding (4.3) - framework: >= netstandard10
      Microsoft.NETCore.Platforms (>= 1.1) - framework: dnxcore50, netstandard10, >= netstandard13
      Microsoft.NETCore.Targets (>= 1.1) - framework: dnxcore50, netstandard10, >= netstandard13
      System.Runtime (>= 4.3) - framework: dnxcore50, netstandard10, >= netstandard13
    System.Text.Encoding.Extensions (4.3) - framework: >= netstandard10
      Microsoft.NETCore.Platforms (>= 1.1) - framework: dnxcore50, netstandard10, >= netstandard13
      Microsoft.NETCore.Targets (>= 1.1) - framework: dnxcore50, netstandard10, >= netstandard13
      System.Runtime (>= 4.3) - framework: dnxcore50, netstandard10, >= netstandard13
      System.Text.Encoding (>= 4.3) - framework: dnxcore50, netstandard10, >= netstandard13
    System.Text.RegularExpressions (4.3) - framework: >= netstandard10
      System.Collections (>= 4.3) - framework: dnxcore50, >= netstandard16
      System.Globalization (>= 4.3) - framework: dnxcore50, >= netstandard16
      System.Resources.ResourceManager (>= 4.3) - framework: dnxcore50, >= netstandard16
      System.Runtime (>= 4.3) - framework: dnxcore50, netstandard10, netstandard13, >= netstandard16
      System.Runtime.Extensions (>= 4.3) - framework: dnxcore50, >= netstandard16
      System.Threading (>= 4.3) - framework: dnxcore50, >= netstandard16
    System.Threading (4.3) - framework: >= netstandard10
      System.Runtime (>= 4.3) - framework: dnxcore50, netstandard10, >= netstandard13
      System.Threading.Tasks (>= 4.3) - framework: dnxcore50, netstandard10, >= netstandard13
    System.Threading.Tasks (4.3) - framework: >= netstandard10
      Microsoft.NETCore.Platforms (>= 1.1) - framework: dnxcore50, netstandard10, >= netstandard13
      Microsoft.NETCore.Targets (>= 1.1) - framework: dnxcore50, netstandard10, >= netstandard13
      System.Runtime (>= 4.3) - framework: dnxcore50, netstandard10, >= netstandard13
    System.Threading.Tasks.Extensions (4.3) - framework: >= netstandard13
      System.Collections (>= 4.3) - framework: >= netstandard10
      System.Runtime (>= 4.3) - framework: >= netstandard10
      System.Threading.Tasks (>= 4.3) - framework: >= netstandard10
    System.Xml.ReaderWriter (4.3) - framework: >= netstandard10
      System.Collections (>= 4.3) - framework: dnxcore50, >= netstandard13
      System.Diagnostics.Debug (>= 4.3) - framework: dnxcore50, >= netstandard13
      System.Globalization (>= 4.3) - framework: dnxcore50, >= netstandard13
      System.IO (>= 4.3) - framework: dnxcore50, netstandard10, >= netstandard13
      System.IO.FileSystem (>= 4.3) - framework: dnxcore50, >= netstandard13
      System.IO.FileSystem.Primitives (>= 4.3) - framework: dnxcore50, >= netstandard13
      System.Resources.ResourceManager (>= 4.3) - framework: dnxcore50, >= netstandard13
      System.Runtime (>= 4.3) - framework: dnxcore50, netstandard10, >= netstandard13
      System.Runtime.Extensions (>= 4.3) - framework: dnxcore50, >= netstandard13
      System.Runtime.InteropServices (>= 4.3) - framework: dnxcore50, >= netstandard13
      System.Text.Encoding (>= 4.3) - framework: dnxcore50, netstandard10, >= netstandard13
      System.Text.Encoding.Extensions (>= 4.3) - framework: dnxcore50, >= netstandard13
      System.Text.RegularExpressions (>= 4.3) - framework: dnxcore50, >= netstandard13
      System.Threading.Tasks (>= 4.3) - framework: dnxcore50, netstandard10, >= netstandard13
      System.Threading.Tasks.Extensions (>= 4.3) - framework: dnxcore50, >= netstandard13
    System.Xml.XDocument (4.3) - framework: >= netstandard10
      System.Collections (>= 4.3) - framework: dnxcore50, >= netstandard13
      System.Diagnostics.Debug (>= 4.3) - framework: dnxcore50, >= netstandard13
      System.Diagnostics.Tools (>= 4.3) - framework: dnxcore50, >= netstandard13
      System.Globalization (>= 4.3) - framework: dnxcore50, >= netstandard13
      System.IO (>= 4.3) - framework: dnxcore50, netstandard10, >= netstandard13
      System.Reflection (>= 4.3) - framework: dnxcore50, >= netstandard13
      System.Resources.ResourceManager (>= 4.3) - framework: dnxcore50, >= netstandard13
      System.Runtime (>= 4.3) - framework: dnxcore50, netstandard10, >= netstandard13
      System.Runtime.Extensions (>= 4.3) - framework: dnxcore50, >= netstandard13
      System.Text.Encoding (>= 4.3) - framework: dnxcore50, >= netstandard13
      System.Threading (>= 4.3) - framework: dnxcore50, >= netstandard13
      System.Xml.ReaderWriter (>= 4.3) - framework: dnxcore50, netstandard10, >= netstandard13
    TaskParallelLibrary (1.0.2856) - framework: net35
    XPlot.GoogleCharts (1.4.2)
      Google.DataTable.Net.Wrapper (3.1.2)
      Newtonsoft.Json (9.0.1)
    XPlot.GoogleCharts.Deedle (1.4.2)
      Deedle (1.2.5)
      XPlot.GoogleCharts (1.4.2)
    XPlot.Plotly (1.4.2)
      Newtonsoft.Json (9.0.1)
    Zlib.Portable (1.11) - framework: >= netstandard11, portable-net45+sl5+win8, portable-net45+win8, portable-net45+win8+wp8+wpa81
